STORAGE: NONE
NUGET
  remote: https://www.nuget.org/api/v2
    Fable.Core (4.0)
    FSharp.Core (4.7.2)
